NUGET
  remote: https://api.nuget.org/v3/index.json
    FifteenBelow.Json (0.2.0.12) - framework: >= net461
      Newtonsoft.Json (>= 6.0.8)
    Newtonsoft.Json (8.0.3) - framework: >= net461
